PATH
  remote: .
  specs:
    endpoint-flux2 (1.1.7)

GEM
  remote: https://rubygems.org/
  specs:
    byebug (11.1.3)
    codecov (0.2.11)
      json
      simplecov
    diff-lcs (1.4.4)
    docile (1.3.2)
    json (2.3.1)
    rspec (3.9.0)
      rspec-core (~> 3.9.0)
      rspec-expectations (~> 3.9.0)
      rspec-mocks (~> 3.9.0)
    rspec-core (3.9.2)
      rspec-support (~> 3.9.3)
    rspec-expectations (3.9.2)
      diff-lcs (>= 1.2.0, < 2.0)
      rspec-support (~> 3.9.0)
    rspec-mocks (3.9.1)
      diff-lcs (>= 1.2.0, < 2.0)
      rspec-support (~> 3.9.0)
    rspec-support (3.9.3)
    simplecov (0.19.0)
      docile (~> 1.1)
      simplecov-html (~> 0.11)
    simplecov-html (0.12.3)

PLATFORMS
  ruby

DEPENDENCIES
  byebug (>= 9.0)
  codecov
  endpoint-flux2!
  rspec (>= 3.5.0)

RUBY VERSION
   ruby 2.5.3p105

BUNDLED WITH
   1.17.3
