PATH
  remote: .
  specs:
    endpoint-flux (1.1.4)

GEM
  remote: https://rubygems.org/
  specs:
    byebug (11.1.1)
    codecov (0.1.16)
      json
      simplecov
      url
    diff-lcs (1.3)
    docile (1.3.2)
    json (2.3.0)
    rspec (3.5.0)
      rspec-core (~> 3.5.0)
      rspec-expectations (~> 3.5.0)
      rspec-mocks (~> 3.5.0)
    rspec-core (3.5.4)
      rspec-support (~> 3.5.0)
    rspec-expectations (3.5.0)
      diff-lcs (>= 1.2.0, < 2.0)
      rspec-support (~> 3.5.0)
    rspec-mocks (3.5.0)
      diff-lcs (>= 1.2.0, < 2.0)
      rspec-support (~> 3.5.0)
    rspec-support (3.5.0)
    simplecov (0.18.5)
      docile (~> 1.1)
      simplecov-html (~> 0.11)
    simplecov-html (0.12.2)
    url (0.3.2)

PLATFORMS
  ruby

DEPENDENCIES
  byebug (>= 9.0)
  codecov
  endpoint-flux!
  rspec (>= 3.5.0)

RUBY VERSION
   ruby 2.5.3p105

BUNDLED WITH
   1.16.6
